GEM
  remote: https://rubygems.org/
  specs:
    colored (1.2)
    cri (2.6.1)
      colored (~> 1.2)
    docker-api (1.23.0)
      excon (>= 0.38.0)
      json
    excon (0.45.4)
    faraday (0.9.2)
      multipart-post (>= 1.2, < 3)
    faraday_middleware (0.9.2)
      faraday (>= 0.7.4, < 0.10)
    faraday_middleware-multi_json (0.0.6)
      faraday_middleware
      multi_json
    json (1.8.3)
    log4r (1.1.10)
    minitar (0.5.4)
    multi_json (1.11.2)
    multipart-post (2.0.0)
    puppet_forge (2.1.1)
      faraday (~> 0.9.0)
      faraday_middleware (~> 0.9.0)
      minitar
      semantic_puppet (~> 0.1.0)
    r10k (2.1.1)
      colored (= 1.2)
      cri (~> 2.6.1)
      faraday (~> 0.9.0)
      faraday_middleware (~> 0.9.0)
      faraday_middleware-multi_json (~> 0.0.6)
      log4r (= 1.1.10)
      minitar
      multi_json (~> 1.10)
      puppet_forge (~> 2.1.1)
      semantic_puppet (~> 0.1.0)
    rack (1.6.4)
    rack-protection (1.5.3)
      rack
    rake (10.4.2)
    semantic_puppet (0.1.1)
    sinatra (1.4.6)
      rack (~> 1.4)
      rack-protection (~> 1.4)
      tilt (>= 1.3, < 3)
    tilt (2.0.1)

PLATFORMS
  ruby

DEPENDENCIES
  docker-api
  excon
  r10k
  rake
  sinatra

BUNDLED WITH
   1.10.6
